GEM
  remote: http://rubygems.org/
  specs:
    git (1.2.5)
    jeweler (1.6.4)
      bundler (~> 1.0)
      git (>= 1.2.5)
      rake
    libxml-ruby (1.1.3)
    libxslt-ruby (0.9.2)
      libxml-ruby (>= 0.9.4)
    mocha (0.9.12)
    rake (0.9.2)
    rcov (0.9.9)
    rmagick (2.13.1)
    shoulda (2.11.3)

PLATFORMS
  ruby

DEPENDENCIES
  bundler (~> 1.0.0)
  jeweler (~> 1.6.4)
  libxml-ruby (= 1.1.3)
  libxslt-ruby (= 0.9.2)
  mocha
  rcov
  rmagick
  shoulda
